GEM
  remote: http://rubygems.org/
  specs:
    diff-lcs (1.1.2)
    rake (12.3.3)
    rspec (2.6.0)
      rspec-core (~> 2.6.0)
      rspec-expectations (~> 2.6.0)
      rspec-mocks (~> 2.6.0)
    rspec-core (2.6.0)
    rspec-expectations (2.6.0)
      diff-lcs (~> 1.1.2)
    rspec-given (1.3.1)
      rspec (~> 2.0)
    rspec-mocks (2.6.0)

PLATFORMS
  ruby

DEPENDENCIES
  rake (= 12.3.3)
  rspec (= 2.6.0)
  rspec-core (= 2.6.0)
  rspec-given (= 1.3.1)
